PATH
  remote: ../flower_shop
  specs:
    flower_shop (0.0.2)

GEM
  remote: https://rubygems.org/
  specs:
    byebug (11.1.3)

PLATFORMS
  ruby

DEPENDENCIES
  byebug
  flower_shop!

BUNDLED WITH
   1.17.2
